NUGET
  remote: https://www.nuget.org/api/v2
  specs:
    CsQuery (1.3.4) - framework: >= net40
    DiffPlex (1.2.1) - framework: >= net40
    Elasticsearch.Net (1.5.1)
    FluentAssertions (3.3.0) - framework: >= net40
    NEST (1.5.1)
      Elasticsearch.Net (>= 1.5.1)
      Newtonsoft.Json (>= 6.0.1)
    Newtonsoft.Json (6.0.8)
    NuGet.CommandLine (2.8.5)
    NUnit (2.6.4) - framework: >= net40
    RazorMachine (2.6.1) - framework: >= net40
